GIT
  remote: https://github.com/yewton/chef-provisioning-docker.git
  revision: 7faf72b3a80234f06a07178db23e90282a81b4c5
  branch: workaround-chef-zero-http-proxy
  specs:
    chef-provisioning-docker (0.5.1)
      chef
      chef-provisioning (~> 0.9)
      docker-api
      sys-proctable

GEM
  remote: https://rubygems.org/
  specs:
    akami (1.2.2)
      gyoku (>= 0.4.0)
      nokogiri
    archive-tar-minitar (0.5.2)
    builder (3.2.2)
    chef (12.0.3)
      chef-zero (~> 3.2)
      diff-lcs (~> 1.2, >= 1.2.4)
      erubis (~> 2.7)
      ffi-yajl (~> 1.2)
      highline (~> 1.6, >= 1.6.9)
      mixlib-authentication (~> 1.3)
      mixlib-cli (~> 1.4)
      mixlib-config (~> 2.0)
      mixlib-log (~> 1.3)
      mixlib-shellout (>= 2.0.0.rc.0, < 3.0)
      net-ssh (~> 2.6)
      net-ssh-multi (~> 1.1)
      ohai (~> 8.0)
      plist (~> 3.1.0)
      pry (~> 0.9)
    chef-provisioning (0.18)
      cheffish (~> 0.8)
      inifile (~> 2.0)
      net-scp (~> 1.0)
      net-ssh (~> 2.0)
      net-ssh-gateway (~> 1.2.0)
      winrm (~> 1.2.0)
    chef-zero (3.2.1)
      ffi-yajl (~> 1.1)
      hashie (~> 2.0)
      mixlib-log (~> 1.3)
      rack
      uuidtools (~> 2.1)
    cheffish (0.9.2)
      chef-zero
    coderay (1.1.0)
    diff-lcs (1.2.5)
    docker-api (1.17.0)
      archive-tar-minitar
      excon (>= 0.38.0)
      json
    erubis (2.7.0)
    excon (0.44.1)
    ffi (1.9.6)
    ffi-yajl (1.3.1)
      ffi (~> 1.5)
      libyajl2 (~> 1.2)
    gssapi (1.0.3)
      ffi (>= 1.0.1)
    gyoku (1.2.2)
      builder (>= 2.1.2)
    hashie (2.1.2)
    highline (1.6.21)
    httpclient (2.6.0.1)
    httpi (0.9.7)
      rack
    inifile (2.0.2)
    ipaddress (0.8.0)
    json (1.8.2)
    kitchen-vagrant (0.15.0)
      test-kitchen (~> 1.0)
    libyajl2 (1.2.0)
    little-plugger (1.1.3)
    logging (1.8.2)
      little-plugger (>= 1.1.3)
      multi_json (>= 1.8.4)
    method_source (0.8.2)
    mime-types (1.25.1)
    mini_portile (0.6.2)
    mixlib-authentication (1.3.0)
      mixlib-log
    mixlib-cli (1.5.0)
    mixlib-config (2.1.0)
    mixlib-log (1.6.0)
    mixlib-shellout (2.0.1)
    multi_json (1.10.1)
    net-dhcp (1.3.2)
    net-scp (1.2.1)
      net-ssh (>= 2.6.5)
    net-ssh (2.9.2)
    net-ssh-gateway (1.2.0)
      net-ssh (>= 2.6.5)
    net-ssh-multi (1.2.0)
      net-ssh (>= 2.6.5)
      net-ssh-gateway (>= 1.2.0)
    nokogiri (1.6.6.2)
      mini_portile (~> 0.6.0)
    nori (1.1.5)
    ohai (8.0.1)
      ffi (~> 1.9)
      ffi-yajl (~> 1.1)
      ipaddress
      mime-types (~> 1.16)
      mixlib-cli
      mixlib-config (~> 2.0)
      mixlib-log
      mixlib-shellout (~> 2.0)
      net-dhcp
      rake (~> 10.1)
      systemu (~> 2.6.4)
      wmi-lite (~> 1.0)
    plist (3.1.0)
    pry (0.10.1)
      coderay (~> 1.1.0)
      method_source (~> 0.8.1)
      slop (~> 3.4)
    rack (1.6.0)
    rake (10.4.2)
    rubyntlm (0.1.1)
    safe_yaml (1.0.4)
    savon (0.9.5)
      akami (~> 1.0)
      builder (>= 2.1.2)
      gyoku (>= 0.4.0)
      httpi (~> 0.9)
      nokogiri (>= 1.4.0)
      nori (~> 1.0)
      wasabi (~> 1.0)
    slop (3.6.0)
    sys-proctable (0.9.4)
    systemu (2.6.4)
    test-kitchen (1.3.1)
      mixlib-shellout (>= 1.2, < 3.0)
      net-scp (~> 1.1)
      net-ssh (~> 2.7)
      safe_yaml (~> 1.0)
      thor (~> 0.18)
    thor (0.19.1)
    uuidtools (2.1.5)
    wasabi (1.0.0)
      nokogiri (>= 1.4.0)
    winrm (1.2.0)
      gssapi (~> 1.0.0)
      httpclient (~> 2.2, >= 2.2.0.2)
      logging (~> 1.6, >= 1.6.1)
      nokogiri (~> 1.5)
      rubyntlm (~> 0.1.1)
      savon (= 0.9.5)
      uuidtools (~> 2.1.2)
    wmi-lite (1.0.0)

PLATFORMS
  ruby

DEPENDENCIES
  chef-provisioning-docker!
  kitchen-vagrant
  test-kitchen
